GEM
  remote: https://rubygems.org/
  specs:
    mysql2 (0.3.21)

PLATFORMS
  ruby

DEPENDENCIES
  mysql2 (~> 0.3.20)

BUNDLED WITH
   1.12.5
